GEM
  remote: https://rubygems.org/
  specs:
    backports (3.15.0)
    concurrent-ruby (1.1.6)
    et-orbi (1.2.2)
      tzinfo
    fugit (1.3.3)
      et-orbi (~> 1.1, >= 1.1.8)
      raabro (~> 1.1)
    holiday_japan (1.4.3)
    multi_json (1.14.1)
    mustermann (1.1.1)
      ruby2_keywords (~> 0.0.1)
    raabro (1.1.6)
    rack (2.2.3)
    rack-protection (2.0.8.1)
      rack
    ruby2_keywords (0.0.2)
    rufus-scheduler (3.6.0)
      fugit (~> 1.1, >= 1.1.6)
    sinatra (2.0.8.1)
      mustermann (~> 1.0)
      rack (~> 2.0)
      rack-protection (= 2.0.8.1)
      tilt (~> 2.0)
    sinatra-contrib (2.0.8.1)
      backports (>= 2.8.2)
      multi_json
      mustermann (~> 1.0)
      rack-protection (= 2.0.8.1)
      sinatra (= 2.0.8.1)
      tilt (~> 2.0)
    tilt (2.0.10)
    tzinfo (2.0.1)
      concurrent-ruby (~> 1.0)

PLATFORMS
  ruby

DEPENDENCIES
  holiday_japan
  rufus-scheduler
  sinatra
  sinatra-contrib

BUNDLED WITH
   2.1.2
