GEM
  remote: https://rubygems.org/
  specs:
    concurrent-ruby (1.1.7)
    et-orbi (1.2.4)
      tzinfo
    fugit (1.4.1)
      et-orbi (~> 1.1, >= 1.1.8)
      raabro (~> 1.4)
    holiday_japan (1.4.4)
    multi_json (1.15.0)
    mustermann (1.1.1)
      ruby2_keywords (~> 0.0.1)
    raabro (1.4.0)
    rack (2.2.3)
    rack-protection (2.1.0)
      rack
    ruby2_keywords (0.0.2)
    rufus-scheduler (3.7.0)
      fugit (~> 1.1, >= 1.1.6)
    sinatra (2.1.0)
      mustermann (~> 1.0)
      rack (~> 2.2)
      rack-protection (= 2.1.0)
      tilt (~> 2.0)
    sinatra-contrib (2.1.0)
      multi_json
      mustermann (~> 1.0)
      rack-protection (= 2.1.0)
      sinatra (= 2.1.0)
      tilt (~> 2.0)
    tilt (2.0.10)
    tzinfo (2.0.4)
      concurrent-ruby (~> 1.0)
    webrick (1.7.0)

PLATFORMS
  ruby

DEPENDENCIES
  holiday_japan
  rufus-scheduler
  sinatra
  sinatra-contrib
  webrick

BUNDLED WITH
   2.2.3
